GEM
  remote: https://rubygems.org/
  specs:
    fuzzy_match (2.1.0)
    httparty (0.12.0)
      json (~> 1.8)
      multi_xml (>= 0.5.2)
    json (1.8.1)
    mini_portile (0.6.0)
    multi_xml (0.5.5)
    nokogiri (1.6.3.1)
      mini_portile (= 0.6.0)
    thor (0.19.1)

PLATFORMS
  ruby

DEPENDENCIES
  fuzzy_match
  httparty
  nokogiri
  thor

BUNDLED WITH
   1.11.2
